PATH
  remote: .
  specs:
    slideshowpro (0.0.1)
      addressable (~> 2.3.5)
      rest-client (~> 1.6.7)

GEM
  remote: https://rubygems.org/
  specs:
    addressable (2.3.5)
    diff-lcs (1.2.4)
    mime-types (1.25)
    rake (10.1.0)
    rest-client (1.6.7)
      mime-types (>= 1.16)
    rspec (2.14.1)
      rspec-core (~> 2.14.0)
      rspec-expectations (~> 2.14.0)
      rspec-mocks (~> 2.14.0)
    rspec-core (2.14.5)
    rspec-expectations (2.14.3)
      diff-lcs (>= 1.1.3, < 2.0)
    rspec-mocks (2.14.3)

PLATFORMS
  ruby

DEPENDENCIES
  rake (~> 10.1.0)
  rspec (~> 2.14.1)
  slideshowpro!
